GEM
  remote: https://rubygems.org/
  specs:
    nbtfile (0.2.0)
    rubycraft (0.1.1)
      nbtfile (>= 0.2.0)

PLATFORMS
  ruby

DEPENDENCIES
  rubycraft
